GEM
  remote: https://rubygems.org/
  specs:
    mail (2.7.1)
      mini_mime (>= 0.1.1)
    mini_mime (1.0.2)

PLATFORMS
  ruby

DEPENDENCIES
  mail!

BUNDLED WITH
   2.1.4
